GEM
  remote: https://rubygems.org/
  specs:
    coreaudio (0.0.11)
      narray (~> 0.6.0.0)
    json (1.8.3)
    mac-event-monitor (0.2.1)
      json
    narray (0.6.0.9)

PLATFORMS
  ruby

DEPENDENCIES
  coreaudio
  mac-event-monitor

BUNDLED WITH
   1.11.2
